RESTRICTION: == net45
NUGET
  remote: https://www.nuget.org/api/v2
    CNTK.GPU (2.2)
